GEM
  remote: https://rubygems.org/
  specs:
    awesome_print (1.8.0)
    byebug (9.1.0)
    coderay (1.1.2)
    dotenv (2.2.1)
    httparty (0.15.6)
      multi_xml (>= 0.5.2)
    method_source (0.9.0)
    multi_xml (0.6.0)
    pry (0.11.3)
      coderay (~> 1.1.0)
      method_source (~> 0.9.0)
    pry-byebug (3.5.1)
      byebug (~> 9.1)
      pry (~> 0.10)
    yajl-ruby (1.3.1)

PLATFORMS
  ruby

DEPENDENCIES
  awesome_print
  dotenv
  httparty
  pry
  pry-byebug
  yajl-ruby

BUNDLED WITH
   1.16.0
